GEM
  remote: https://rubygems.org/
  specs:
    gnuplot (2.6.2)
    rmagick (2.13.3)
    slop (3.6.0)

PLATFORMS
  ruby

DEPENDENCIES
  gnuplot
  rmagick
  slop
